PATH
  remote: ../..
  specs:
    specdiff (0.3.0)
      diff-lcs (~> 1.5)
      hashdiff (~> 1.0)

GEM
  remote: https://rubygems.org/
  specs:
    bigdecimal (3.1.7)
    debug (1.9.1)
      irb (~> 1.10)
      reline (>= 0.3.8)
    diff-lcs (1.5.1)
    hashdiff (1.1.0)
    io-console (0.7.2)
    irb (1.12.0)
      rdoc
      reline (>= 0.4.2)
    psych (5.1.2)
      stringio
    rdoc (6.6.2)
      psych (>= 4.0.0)
    reline (0.4.3)
      io-console (~> 0.5)
    rspec (3.13.0)
      rspec-core (~> 3.13.0)
      rspec-expectations (~> 3.13.0)
      rspec-mocks (~> 3.13.0)
    rspec-core (3.13.0)
      rspec-support (~> 3.13.0)
    rspec-expectations (3.13.0)
      diff-lcs (>= 1.2.0, < 2.0)
      rspec-support (~> 3.13.0)
    rspec-mocks (3.13.0)
      diff-lcs (>= 1.2.0, < 2.0)
      rspec-support (~> 3.13.0)
    rspec-support (3.13.1)
    stringio (3.1.0)

PLATFORMS
  x86_64-linux

DEPENDENCIES
  bigdecimal
  debug
  rspec
  specdiff!

BUNDLED WITH
   2.3.5
